GEM
  remote: http://rubygems.org/
  specs:
    addressable (2.4.0)
    awesome_print (1.9.2)
    base64 (0.2.0)
    builder (3.3.0)
    codeclimate-test-reporter (0.4.8)
      simplecov (>= 0.7.1, < 1.0.0)
    coveralls (0.8.23)
      json (>= 1.8, < 3)
      simplecov (~> 0.16.1)
      term-ansicolor (~> 1.3)
      thor (>= 0.19.4, < 2.0)
      tins (~> 1.6)
    descendants_tracker (0.0.4)
      thread_safe (~> 0.3, >= 0.3.1)
    diff-lcs (1.5.1)
    docile (1.4.1)
    faraday (0.9.2)
      multipart-post (>= 1.2, < 3)
    git (1.11.0)
      rchardet (~> 1.8)
    github_api (0.16.0)
      addressable (~> 2.4.0)
      descendants_tracker (~> 0.0.4)
      faraday (~> 0.8, < 0.10)
      hashie (>= 3.4)
      mime-types (>= 1.16, < 3.0)
      oauth2 (~> 1.0)
    hashie (5.0.0)
    highline (2.1.0)
    jeweler (2.3.9)
      builder
      bundler
      git (>= 1.2.5)
      github_api (~> 0.16.0)
      highline (>= 1.6.15)
      nokogiri (>= 1.5.10)
      psych
      rake
      rdoc
      semver2
    json (1.8.6)
    jwt (2.8.2)
      base64
    method_source (1.1.0)
    mime-types (2.99.3)
    multi_json (1.15.0)
    multi_xml (0.6.0)
    multipart-post (2.4.1)
    nokogiri (1.15.6-arm64-darwin)
      racc (~> 1.4)
    oauth2 (1.4.8)
      faraday (>= 0.8, < 3.0)
      jwt (>= 1.0, < 3.0)
      multi_json (~> 1.3)
      multi_xml (~> 0.5)
      rack (>= 1.2, < 3)
    psych (5.1.2)
      stringio
    puts_debuggerer (1.0.1)
      awesome_print (~> 1.9.2)
    racc (1.8.0)
    rack (1.6.13)
    rake (10.4.2)
    rchardet (1.8.0)
    rdoc (4.2.2)
      json (~> 1.4)
    rspec (3.2.0)
      rspec-core (~> 3.2.0)
      rspec-expectations (~> 3.2.0)
      rspec-mocks (~> 3.2.0)
    rspec-core (3.2.3)
      rspec-support (~> 3.2.0)
    rspec-expectations (3.2.1)
      diff-lcs (>= 1.2.0, < 2.0)
      rspec-support (~> 3.2.0)
    rspec-mocks (3.2.1)
      diff-lcs (>= 1.2.0, < 2.0)
      rspec-support (~> 3.2.0)
    rspec-support (3.2.2)
    semver2 (3.4.2)
    simplecov (0.16.1)
      docile (~> 1.1)
      json (>= 1.8, < 3)
      simplecov-html (~> 0.10.0)
    simplecov-html (0.10.2)
    stringio (3.1.1)
    term-ansicolor (1.3.2)
      tins (~> 1.0)
    thor (1.3.1)
    thread_safe (0.3.6)
    tins (1.6.0)

PLATFORMS
  arm64-darwin-21

DEPENDENCIES
  codeclimate-test-reporter (~> 0.4.8)
  coveralls (~> 0.8.19)
  jeweler (~> 2.3.0)
  method_source (>= 0.8.2, < 2.0.0)
  puts_debuggerer (> 0.8.1)
  rack (~> 1.6.5)
  rake (~> 10.4.2)
  rdoc (~> 4.2.0)
  rspec (~> 3.2.0)
  term-ansicolor (~> 1.3.2)
  tins (~> 1.6.0)

BUNDLED WITH
   2.3.5
